GEM
  remote: https://rubygems.org/
  specs:
    coderay (1.0.8)
    coffee-script (2.2.0)
      coffee-script-source
      execjs
    coffee-script-source (1.4.0)
    daemons (1.1.9)
    eventmachine (1.0.0)
    execjs (1.4.0)
      multi_json (~> 1.0)
    ffi (1.3.1)
    guard (1.6.2)
      listen (>= 0.6.0)
      lumberjack (>= 1.0.2)
      pry (>= 0.9.10)
      terminal-table (>= 1.4.3)
      thor (>= 0.14.6)
    guard-bundler (1.0.0)
      bundler (~> 1.0)
      guard (~> 1.1)
    guard-coffeescript (1.2.1)
      coffee-script (>= 2.2.0)
      guard (>= 1.1.0)
    libv8 (3.11.8.13)
    listen (0.7.2)
    lumberjack (1.0.2)
    method_source (0.8.1)
    multi_json (1.5.0)
    pry (0.9.11.4)
      coderay (~> 1.0.5)
      method_source (~> 0.8)
      slop (~> 3.4)
    rack (1.5.2)
    rb-fchange (0.0.6)
      ffi
    rb-fsevent (0.9.3)
    rb-inotify (0.8.8)
      ffi (>= 0.5.0)
    ref (1.0.2)
    slop (3.4.3)
    terminal-table (1.4.5)
    therubyracer (0.11.3)
      libv8 (~> 3.11.8.12)
      ref
    thin (1.5.0)
      daemons (>= 1.0.9)
      eventmachine (>= 0.12.6)
      rack (>= 1.0.0)
    thor (0.17.0)

PLATFORMS
  ruby

DEPENDENCIES
  guard
  guard-bundler
  guard-coffeescript
  rb-fchange
  rb-fsevent
  rb-inotify (~> 0.8.8)
  therubyracer
  thin
